PATH
  remote: .
  specs:
    hunt (0.1)
      fast-stemmer (~> 1.0)

GEM
  remote: http://rubygems.org/
  specs:
    activesupport (3.0.3)
    bson (1.1.5)
    bson_ext (1.1.5)
    diff-lcs (1.1.2)
    fast-stemmer (1.0.0)
    i18n (0.4.2)
    jnunemaker-validatable (1.8.4)
      activesupport (>= 2.3.4)
    mongo (1.1.5)
      bson (>= 1.1.5)
    mongo_mapper (0.8.6)
      activesupport (>= 2.3.4)
      jnunemaker-validatable (~> 1.8.4)
      plucky (~> 0.3.6)
    plucky (0.3.6)
      mongo (~> 1.1)
    rspec (2.3.0)
      rspec-core (~> 2.3.0)
      rspec-expectations (~> 2.3.0)
      rspec-mocks (~> 2.3.0)
    rspec-core (2.3.1)
    rspec-expectations (2.3.0)
      diff-lcs (~> 1.1.2)
    rspec-mocks (2.3.0)

PLATFORMS
  ruby

DEPENDENCIES
  bson_ext (= 1.1.5)
  fast-stemmer (~> 1.0)
  hunt!
  i18n
  mongo_mapper (~> 0.8)
  rspec (~> 2.3)
